PATH
  remote: .
  specs:
    stuff-classifier (0.1)
      fast-stemmer (>= 1.0)

GEM
  remote: http://rubygems.org/
  specs:
    ansi (1.4.1)
    archive-tar-minitar (0.5.2)
    columnize (0.3.4)
    fast-stemmer (1.0.0)
    json (1.6.5)
    linecache19 (0.5.12)
      ruby_core_source (>= 0.1.4)
    minitest (2.10.1)
    rake (0.9.2.2)
    rcov (0.9.11)
    rdoc (3.12)
      json (~> 1.4)
    ruby-debug-base19 (0.11.25)
      columnize (>= 0.3.1)
      linecache19 (>= 0.5.11)
      ruby_core_source (>= 0.1.4)
    ruby-debug19 (0.11.6)
      columnize (>= 0.3.1)
      linecache19 (>= 0.5.11)
      ruby-debug-base19 (>= 0.11.19)
    ruby_core_source (0.1.5)
      archive-tar-minitar (>= 0.5.2)
    turn (0.8.3)
      ansi

PLATFORMS
  ruby

DEPENDENCIES
  bundler
  minitest (>= 2.10)
  rake (>= 0.9.2)
  rcov (>= 0.9)
  rdoc (>= 3.1)
  ruby-debug19
  stuff-classifier!
  turn (>= 0.8.3)
