PATH
  remote: .
  specs:
    stuff-classifier (0.5)
      redis
      ruby-stemmer
      sequel

GEM
  remote: http://rubygems.org/
  specs:
    ansi (1.5.0)
    awesome_print (1.6.1)
    docile (1.1.5)
    json (1.8.3)
    minitest (4.7.5)
    rake (11.1.2)
    redis (3.3.0)
    ruby-stemmer (0.9.6)
    sequel (4.35.0)
    simplecov (0.11.2)
      docile (~> 1.1.0)
      json (~> 1.8)
      simplecov-html (~> 0.10.0)
    simplecov-html (0.10.0)
    turn (0.9.7)
      ansi
      minitest (~> 4)

PLATFORMS
  ruby

DEPENDENCIES
  awesome_print
  bundler
  minitest
  rake
  simplecov
  stuff-classifier!
  turn

BUNDLED WITH
   1.12.5
